GEM
  remote: https://rubygems.org/
  specs:
    ffi (1.12.1)
    mini_portile2 (2.4.0)
    natto (1.1.2)
      ffi (>= 1.9.0)
    nokogiri (1.10.8)
      mini_portile2 (~> 2.4.0)
    robotex (1.0.0)

PLATFORMS
  ruby

DEPENDENCIES
  natto
  nokogiri
  robotex

BUNDLED WITH
   1.17.2
